GIT
  remote: git://github.com/test-kitchen/kitchen-ec2.git
  revision: 8325c9d1aca590189b2a3e736c85acbdd83b3e7f
  tag: 8325c9d1aca590189b2a3e736c85acbdd83b3e7f
  specs:
    kitchen-ec2 (0.8.1.dev)
      fog
      test-kitchen (~> 1.0)

GEM
  remote: https://rubygems.org/
  specs:
    CFPropertyList (2.3.1)
    addressable (2.3.8)
    ast (2.0.0)
    astrolabe (1.3.0)
      parser (>= 2.2.0.pre.3, < 3.0)
    berkshelf (3.2.3)
      addressable (~> 2.3.4)
      berkshelf-api-client (~> 1.2)
      buff-config (~> 1.0)
      buff-extensions (~> 1.0)
      buff-shell_out (~> 0.1)
      celluloid (~> 0.16.0)
      celluloid-io (~> 0.16.1)
      cleanroom (~> 1.0)
      faraday (~> 0.9.0)
      minitar (~> 0.5.4)
      octokit (~> 3.0)
      retryable (~> 2.0)
      ridley (~> 4.0)
      solve (~> 1.1)
      thor (~> 0.19)
    berkshelf-api-client (1.2.1)
      faraday (~> 0.9.0)
    buff-config (1.0.1)
      buff-extensions (~> 1.0)
      varia_model (~> 0.4)
    buff-extensions (1.0.0)
    buff-ignore (1.1.1)
    buff-ruby_engine (0.1.0)
    buff-shell_out (0.2.0)
      buff-ruby_engine (~> 0.1.0)
    builder (3.2.2)
    celluloid (0.16.0)
      timers (~> 4.0.0)
    celluloid-io (0.16.2)
      celluloid (>= 0.16.0)
      nio4r (>= 1.1.0)
    chef (12.2.1)
      chef-zero (~> 4.0)
      diff-lcs (~> 1.2, >= 1.2.4)
      erubis (~> 2.7)
      ffi-yajl (>= 1.2, < 3.0)
      highline (~> 1.6, >= 1.6.9)
      mixlib-authentication (~> 1.3)
      mixlib-cli (~> 1.4)
      mixlib-config (~> 2.0)
      mixlib-log (~> 1.3)
      mixlib-shellout (>= 2.0.0.rc.0, < 3.0)
      net-ssh (~> 2.6)
      net-ssh-multi (~> 1.1)
      ohai (~> 8.0)
      plist (~> 3.1.0)
      pry (~> 0.9)
      rspec-core (~> 3.2)
      rspec-expectations (~> 3.2)
      rspec-mocks (~> 3.2)
      rspec_junit_formatter (~> 0.2.0)
      serverspec (~> 2.7)
      specinfra (~> 2.10)
    chef-zero (4.2.1)
      ffi-yajl (>= 1.1, < 3.0)
      hashie (~> 2.0)
      mixlib-log (~> 1.3)
      rack
      uuidtools (~> 2.1)
    chefspec (4.2.0)
      chef (>= 11.14)
      fauxhai (~> 2.0)
      rspec (~> 3.0)
    cleanroom (1.0.0)
    coderay (1.1.0)
    coveralls (0.8.0)
      multi_json (~> 1.10)
      rest-client (>= 1.6.8, < 2)
      simplecov (~> 0.9.1)
      term-ansicolor (~> 1.3)
      thor (~> 0.19.1)
    dep-selector-libgecode (1.0.2)
    dep_selector (1.0.3)
      dep-selector-libgecode (~> 1.0)
      ffi (~> 1.9)
    diff-lcs (1.2.5)
    docile (1.1.5)
    domain_name (0.5.23)
      unf (>= 0.0.5, < 1.0.0)
    erubis (2.7.0)
    excon (0.45.1)
    faraday (0.9.1)
      multipart-post (>= 1.2, < 3)
    fauxhai (2.3.0)
      net-ssh
      ohai
    ffi (1.9.8)
    ffi-yajl (2.0.0)
      ffi (~> 1.5)
      libyajl2 (~> 1.2)
    fission (0.5.0)
      CFPropertyList (~> 2.2)
    fog (1.29.0)
      fog-atmos
      fog-aws (~> 0.0)
      fog-brightbox (~> 0.4)
      fog-core (~> 1.27, >= 1.27.4)
      fog-ecloud
      fog-json
      fog-local
      fog-powerdns (>= 0.1.1)
      fog-profitbricks
      fog-radosgw (>= 0.0.2)
      fog-riakcs
      fog-sakuracloud (>= 0.0.4)
      fog-serverlove
      fog-softlayer
      fog-storm_on_demand
      fog-terremark
      fog-vmfusion
      fog-voxel
      fog-xml (~> 0.1.1)
      ipaddress (~> 0.5)
      nokogiri (~> 1.5, >= 1.5.11)
    fog-atmos (0.1.0)
      fog-core
      fog-xml
    fog-aws (0.1.2)
      fog-core (~> 1.27)
      fog-json (~> 1.0)
      fog-xml (~> 0.1)
      ipaddress (~> 0.8)
    fog-brightbox (0.7.1)
      fog-core (~> 1.22)
      fog-json
      inflecto (~> 0.0.2)
    fog-core (1.30.0)
      builder
      excon (~> 0.45)
      formatador (~> 0.2)
      mime-types
      net-scp (~> 1.1)
      net-ssh (>= 2.1.3)
    fog-ecloud (0.1.1)
      fog-core
      fog-xml
    fog-json (1.0.1)
      fog-core (~> 1.0)
      multi_json (~> 1.0)
    fog-local (0.1.0)
      fog-core (~> 1.27)
    fog-powerdns (0.1.1)
      fog-core (~> 1.27)
      fog-json (~> 1.0)
      fog-xml (~> 0.1)
    fog-profitbricks (0.0.2)
      fog-core
      fog-xml
      nokogiri
    fog-radosgw (0.0.4)
      fog-core (>= 1.21.0)
      fog-json
      fog-xml (>= 0.0.1)
    fog-riakcs (0.1.0)
      fog-core
      fog-json
      fog-xml
    fog-sakuracloud (1.0.1)
      fog-core
      fog-json
    fog-serverlove (0.1.2)
      fog-core
      fog-json
    fog-softlayer (0.4.2)
      fog-core
      fog-json
    fog-storm_on_demand (0.1.1)
      fog-core
      fog-json
    fog-terremark (0.1.0)
      fog-core
      fog-xml
    fog-vmfusion (0.1.0)
      fission
      fog-core
    fog-voxel (0.1.0)
      fog-core
      fog-xml
    fog-xml (0.1.2)
      fog-core
      nokogiri (~> 1.5, >= 1.5.11)
    foodcritic (3.0.3)
      erubis
      gherkin (~> 2.11.7)
      nokogiri (~> 1.5.4)
      rake
      treetop (~> 1.4.10)
      yajl-ruby (~> 1.1.0)
    formatador (0.2.5)
    gherkin (2.11.8)
      multi_json (~> 1.3)
    hashie (2.1.2)
    highline (1.7.1)
    hitimes (1.2.2)
    http-cookie (1.0.2)
      domain_name (~> 0.5)
    inflecto (0.0.2)
    ipaddress (0.8.0)
    json (1.8.2)
    kitchen-vagrant (0.16.0)
      test-kitchen (~> 1.0)
    libyajl2 (1.2.0)
    method_source (0.8.2)
    mime-types (2.4.3)
    minitar (0.5.4)
    mixlib-authentication (1.3.0)
      mixlib-log
    mixlib-cli (1.5.0)
    mixlib-config (2.1.0)
    mixlib-log (1.6.0)
    mixlib-shellout (2.0.1)
    multi_json (1.11.0)
    multipart-post (2.0.0)
    net-http-persistent (2.9.4)
    net-scp (1.2.1)
      net-ssh (>= 2.6.5)
    net-ssh (2.9.2)
    net-ssh-gateway (1.2.0)
      net-ssh (>= 2.6.5)
    net-ssh-multi (1.2.0)
      net-ssh (>= 2.6.5)
      net-ssh-gateway (>= 1.2.0)
    netrc (0.10.3)
    nio4r (1.1.0)
    nokogiri (1.5.11)
    octokit (3.8.0)
      sawyer (~> 0.6.0, >= 0.5.3)
    ohai (8.2.0)
      ffi (~> 1.9)
      ffi-yajl (>= 1.1, < 3.0)
      ipaddress
      mime-types (~> 2.0)
      mixlib-cli
      mixlib-config (~> 2.0)
      mixlib-log
      mixlib-shellout (~> 2.0)
      rake (~> 10.1)
      systemu (~> 2.6.4)
      wmi-lite (~> 1.0)
    parser (2.2.0.3)
      ast (>= 1.1, < 3.0)
    plist (3.1.0)
    polyglot (0.3.5)
    powerpack (0.1.0)
    pry (0.10.1)
      coderay (~> 1.1.0)
      method_source (~> 0.8.1)
      slop (~> 3.4)
    rack (1.6.0)
    rainbow (2.0.0)
    rake (10.4.2)
    rest-client (1.8.0)
      http-cookie (>= 1.0.2, < 2.0)
      mime-types (>= 1.16, < 3.0)
      netrc (~> 0.7)
    retryable (2.0.1)
    ridley (4.1.2)
      addressable
      buff-config (~> 1.0)
      buff-extensions (~> 1.0)
      buff-ignore (~> 1.1)
      buff-shell_out (~> 0.1)
      celluloid (~> 0.16.0)
      celluloid-io (~> 0.16.1)
      erubis
      faraday (~> 0.9.0)
      hashie (>= 2.0.2, < 3.0.0)
      json (>= 1.7.7)
      mixlib-authentication (>= 1.3.0)
      net-http-persistent (>= 2.8)
      retryable (>= 2.0.0)
      semverse (~> 1.1)
      varia_model (~> 0.4)
    rspec (3.2.0)
      rspec-core (~> 3.2.0)
      rspec-expectations (~> 3.2.0)
      rspec-mocks (~> 3.2.0)
    rspec-core (3.2.3)
      rspec-support (~> 3.2.0)
    rspec-expectations (3.2.1)
      diff-lcs (>= 1.2.0, < 2.0)
      rspec-support (~> 3.2.0)
    rspec-its (1.2.0)
      rspec-core (>= 3.0.0)
      rspec-expectations (>= 3.0.0)
    rspec-mocks (3.2.1)
      diff-lcs (>= 1.2.0, < 2.0)
      rspec-support (~> 3.2.0)
    rspec-support (3.2.2)
    rspec_junit_formatter (0.2.0)
      builder (< 4)
      rspec (>= 2, < 4)
      rspec-core (!= 2.12.0)
    rubocop (0.30.0)
      astrolabe (~> 1.3)
      parser (>= 2.2.0.1, < 3.0)
      powerpack (~> 0.1)
      rainbow (>= 1.99.1, < 3.0)
      ruby-progressbar (~> 1.4)
    ruby-progressbar (1.7.5)
    safe_yaml (1.0.4)
    sawyer (0.6.0)
      addressable (~> 2.3.5)
      faraday (~> 0.8, < 0.10)
    semverse (1.2.1)
    serverspec (2.14.0)
      multi_json
      rspec (~> 3.0)
      rspec-its
      specinfra (~> 2.25)
    simplecov (0.9.2)
      docile (~> 1.1.0)
      multi_json (~> 1.0)
      simplecov-html (~> 0.9.0)
    simplecov-html (0.9.0)
    slop (3.6.0)
    solve (1.2.1)
      dep_selector (~> 1.0)
      semverse (~> 1.1)
    specinfra (2.28.1)
      net-scp
      net-ssh
    systemu (2.6.5)
    term-ansicolor (1.3.0)
      tins (~> 1.0)
    test-kitchen (1.3.1)
      mixlib-shellout (>= 1.2, < 3.0)
      net-scp (~> 1.1)
      net-ssh (~> 2.7)
      safe_yaml (~> 1.0)
      thor (~> 0.18)
    thor (0.19.1)
    timers (4.0.1)
      hitimes
    tins (1.3.5)
    treetop (1.4.15)
      polyglot
      polyglot (>= 0.3.1)
    unf (0.1.4)
      unf_ext
    unf_ext (0.0.6)
    uuidtools (2.1.5)
    varia_model (0.4.0)
      buff-extensions (~> 1.0)
      hashie (>= 2.0.2, < 3.0.0)
    wmi-lite (1.0.0)
    yajl-ruby (1.1.0)

PLATFORMS
  ruby

DEPENDENCIES
  berkshelf (~> 3.1)
  chefspec (~> 4.0)
  coveralls
  foodcritic (~> 3.0)
  kitchen-ec2!
  kitchen-vagrant (~> 0.15)
  rake
  rubocop (~> 0.23)
  test-kitchen (~> 1.3)
